GEM
  remote: https://rubygems.org/
  specs:
    arel (5.0.0)
    httparty (0.12.0)
      json (~> 1.8)
      multi_xml (>= 0.5.2)
    json (1.8.1)
    mini_portile (0.5.2)
    multi_xml (0.5.5)
    nokogiri (1.6.1)
      mini_portile (~> 0.5.0)
    pg (0.17.1)
    sequel (4.7.0)

PLATFORMS
  ruby

DEPENDENCIES
  arel (~> 5.0.0)
  httparty
  json
  nokogiri
  pg
  sequel (~> 4.7.0)
